GEM
  remote: http://rubygems.org/
  remote: http://moviepilot:GoodMovies2011!@gems.backend.moviepilot.com/
  specs:
    activemodel (3.0.9)
      activesupport (= 3.0.9)
      builder (~> 2.1.2)
      i18n (~> 0.5.0)
    activesupport (3.0.9)
    addressable (2.2.6)
    blankslate (2.1.2.4)
    builder (2.1.2)
    capistrano (2.5.20)
      highline
      highline
      net-scp
      net-scp (>= 1.0.0)
      net-sftp
      net-sftp (>= 2.0.0)
      net-ssh
      net-ssh (>= 2.0.14)
      net-ssh-gateway
      net-ssh-gateway (>= 1.0.0)
    capistrano-ext (1.2.1)
      capistrano (>= 1.0.0)
    crack (0.1.8)
    diff-lcs (1.1.2)
    elastodon (0.0.14)
      hashie (~> 1.0.0)
      its-it (~> 1.1.0)
      tire (~> 0.1.15)
    facter (1.6.0)
    git (1.2.5)
    hashie (1.0.0)
    highline (1.6.2)
    i18n (0.5.0)
    its-it (1.1.0)
      blankslate
    jeweler (1.5.2)
      bundler (~> 1.0.0)
      git (>= 1.2.5)
      rake
    mime-types (1.16)
    mp-deployment (0.0.14)
      capistrano (= 2.5.20)
      capistrano-ext (= 1.2.1)
      facter (= 1.6.0)
      hashie (= 1.0.0)
      rvm (= 1.6.20)
    multi_json (1.0.3)
    net-scp (1.0.4)
      net-ssh (>= 1.99.1)
    net-sftp (2.0.5)
      net-ssh (>= 2.0.9)
    net-ssh (2.1.4)
    net-ssh-gateway (1.1.0)
      net-ssh (>= 1.99.1)
    rake (0.9.2)
    rcov (0.9.9)
    rest-client (1.6.3)
      mime-types (>= 1.16)
    rspec (2.3.0)
      rspec-core (~> 2.3.0)
      rspec-expectations (~> 2.3.0)
      rspec-mocks (~> 2.3.0)
    rspec-core (2.3.1)
    rspec-expectations (2.3.0)
      diff-lcs (~> 1.1.2)
    rspec-mocks (2.3.0)
    rvm (1.6.20)
    tire (0.1.16)
      activemodel (~> 3.0)
      multi_json (~> 1.0)
      rake (>= 0.8.0)
      rest-client (~> 1.6.0)
    webmock (1.6.4)
      addressable (> 2.2.5, ~> 2.2)
      crack (>= 0.1.7)

PLATFORMS
  ruby

DEPENDENCIES
  activesupport (>= 3.0.0)
  addressable (~> 2.2.0)
  bundler (~> 1.0.0)
  elastodon (~> 0.0.14)
  i18n
  jeweler (~> 1.5.2)
  mp-deployment
  rcov
  rspec (~> 2.3.0)
  webmock (~> 1.6)
